STORAGE: NONE
RESTRICTION: == netcoreapp2.1
NUGET
  remote: https://www.nuget.org/api/v2
    FSharp.Core (4.7)

GROUP Build
STORAGE: NONE
NUGET
  remote: https://www.nuget.org/api/v2
    FAKE (5.16)
